GIT
  remote: git@github.com:james2m/shoulda-context.git
  revision: 7e6f91e6c291ca5449df710b2574f59de66e6ade
  specs:
    shoulda-context (1.0.0.beta1)

GEM
  remote: http://rubygems.org/
  specs:
    activemodel (3.0.6)
      activesupport (= 3.0.6)
      builder (~> 2.1.2)
      i18n (~> 0.5.0)
    activerecord (3.0.6)
      activemodel (= 3.0.6)
      activesupport (= 3.0.6)
      arel (~> 2.0.2)
      tzinfo (~> 0.3.23)
    activesupport (3.0.6)
    archive-tar-minitar (0.5.2)
    arel (2.0.9)
    builder (2.1.2)
    columnize (0.3.2)
    factory_girl (1.3.3)
    forgery (0.3.7)
      nokogiri (~> 1.4)
    gdata4ruby (0.1.5)
    i18n (0.5.0)
    linecache19 (0.5.12)
      ruby_core_source (>= 0.1.4)
    no_peeping_toms (2.1.1)
      activerecord (>= 3.0.0)
      activesupport (>= 3.0.0)
    nokogiri (1.4.4)
    rr (1.0.2)
    ruby-debug-base19 (0.11.25)
      columnize (>= 0.3.1)
      linecache19 (>= 0.5.11)
      ruby_core_source (>= 0.1.4)
    ruby-debug19 (0.11.6)
      columnize (>= 0.3.1)
      linecache19 (>= 0.5.11)
      ruby-debug-base19 (>= 0.11.19)
    ruby_core_source (0.1.5)
      archive-tar-minitar (>= 0.5.2)
    shoulda-matchers (1.0.0.beta2)
    tzinfo (0.3.26)

PLATFORMS
  ruby

DEPENDENCIES
  activesupport
  factory_girl
  forgery
  gdata4ruby (>= 0.1.0)
  no_peeping_toms
  rr
  ruby-debug19
  shoulda-context (= 1.0.0.beta1)!
  shoulda-matchers (= 1.0.0.beta2)
