PATH
  remote: .
  specs:
    google_docs (0.0.1)
      gdata4ruby (>= 0.1.0)
      hpricot (>= 0.8.4)

GEM
  remote: http://rubygems.org/
  specs:
    activesupport (3.0.6)
    archive-tar-minitar (0.5.2)
    columnize (0.3.2)
    factory_girl (1.3.3)
    forgery (0.3.7)
      nokogiri (~> 1.4)
    gdata4ruby (0.1.5)
    hpricot (0.8.4)
    i18n (0.5.0)
    linecache19 (0.5.12)
      ruby_core_source (>= 0.1.4)
    nokogiri (1.4.4)
    rr (1.0.2)
    ruby-debug-base19 (0.11.25)
      columnize (>= 0.3.1)
      linecache19 (>= 0.5.11)
      ruby_core_source (>= 0.1.4)
    ruby-debug19 (0.11.6)
      columnize (>= 0.3.1)
      linecache19 (>= 0.5.11)
      ruby-debug-base19 (>= 0.11.19)
    ruby_core_source (0.1.5)
      archive-tar-minitar (>= 0.5.2)
    shoulda (2.11.3)

PLATFORMS
  ruby

DEPENDENCIES
  activesupport
  factory_girl
  forgery
  google_docs!
  i18n
  rr
  ruby-debug19
  shoulda
